PATH
  remote: vendor/omniauth-sandstorm
  specs:
    omniauth-sandstorm (1.0.1)
      omniauth (~> 1.0)

GEM
  remote: https://rubygems.org/
  specs:
    hashie (3.4.3)
    omniauth (1.3.1)
      hashie (>= 1.2, < 4)
      rack (>= 1.0, < 3)
    rack (1.6.4)
    rack-protection (1.5.3)
      rack
    sinatra (1.4.7)
      rack (~> 1.5)
      rack-protection (~> 1.4)
      tilt (>= 1.3, < 3)
    tilt (2.0.2)

PLATFORMS
  ruby

DEPENDENCIES
  omniauth
  omniauth-sandstorm!
  sinatra

BUNDLED WITH
   1.11.2
